PATH
  remote: .
  specs:
    sec_query (1.0.3)
      crack
      hashie
      hpricot
      nokogiri
      rest-client

GEM
  remote: http://rubygems.org/
  specs:
    crack (0.4.1)
      safe_yaml (~> 0.9.0)
    diff-lcs (1.1.3)
    hashie (2.0.5)
    hpricot (0.8.6)
    mime-types (1.25)
    mini_portile (0.5.1)
    nokogiri (1.6.0)
      mini_portile (~> 0.5.0)
    rest-client (1.6.7)
      mime-types (>= 1.16)
    rspec (2.7.0)
      rspec-core (~> 2.7.0)
      rspec-expectations (~> 2.7.0)
      rspec-mocks (~> 2.7.0)
    rspec-core (2.7.1)
    rspec-expectations (2.7.0)
      diff-lcs (~> 1.1.2)
    rspec-mocks (2.7.0)
    safe_yaml (0.9.7)

PLATFORMS
  ruby

DEPENDENCIES
  rspec
  sec_query!
